GEM
  remote: https://rubygems.org/
  specs:
    actioncable (8.0.0)
      actionpack (= 8.0.0)
      activesupport (= 8.0.0)
      nio4r (~> 2.0)
      websocket-driver (>= 0.6.1)
      zeitwerk (~> 2.6)
    actionmailbox (8.0.0)
      actionpack (= 8.0.0)
      activejob (= 8.0.0)
      activerecord (= 8.0.0)
      activestorage (= 8.0.0)
      activesupport (= 8.0.0)
      mail (>= 2.8.0)
    actionmailer (8.0.0)
      actionpack (= 8.0.0)
      actionview (= 8.0.0)
      activejob (= 8.0.0)
      activesupport (= 8.0.0)
      mail (>= 2.8.0)
      rails-dom-testing (~> 2.2)
    actionpack (8.0.0)
      actionview (= 8.0.0)
      activesupport (= 8.0.0)
      nokogiri (>= 1.8.5)
      rack (>= 2.2.4)
      rack-session (>= 1.0.1)
      rack-test (>= 0.6.3)
      rails-dom-testing (~> 2.2)
      rails-html-sanitizer (~> 1.6)
      useragent (~> 0.16)
    actiontext (8.0.0)
      actionpack (= 8.0.0)
      activerecord (= 8.0.0)
      activestorage (= 8.0.0)
      activesupport (= 8.0.0)
      globalid (>= 0.6.0)
      nokogiri (>= 1.8.5)
    actionview (8.0.0)
      activesupport (= 8.0.0)
      builder (~> 3.1)
      erubi (~> 1.11)
      rails-dom-testing (~> 2.2)
      rails-html-sanitizer (~> 1.6)
    activejob (8.0.0)
      activesupport (= 8.0.0)
      globalid (>= 0.3.6)
    activemodel (8.0.0)
      activesupport (= 8.0.0)
    activerecord (8.0.0)
      activemodel (= 8.0.0)
      activesupport (= 8.0.0)
      timeout (>= 0.4.0)
    activestorage (8.0.0)
      actionpack (= 8.0.0)
      activejob (= 8.0.0)
      activerecord (= 8.0.0)
      activesupport (= 8.0.0)
      marcel (~> 1.0)
    activesupport (8.0.0)
      base64
      benchmark (>= 0.3)
      bigdecimal
      concurrent-ruby (~> 1.0, >= 1.3.1)
      connection_pool (>= 2.2.5)
      drb
      i18n (>= 1.6, < 2)
      logger (>= 1.4.2)
      minitest (>= 5.1)
      securerandom (>= 0.3)
      tzinfo (~> 2.0, >= 2.0.5)
      uri (>= 0.13.1)
    base64 (0.2.0)
    benchmark (0.4.0)
    bigdecimal (3.1.8)
    builder (3.3.0)
    concurrent-ruby (1.3.4)
    connection_pool (2.4.1)
    crass (1.0.6)
    date (3.4.1)
    drb (2.2.1)
    erubi (1.13.0)
    globalid (1.2.1)
      activesupport (>= 6.1)
    haml (6.3.0)
      temple (>= 0.8.2)
      thor
      tilt
    haml-rails (2.1.0)
      actionpack (>= 5.1)
      activesupport (>= 5.1)
      haml (>= 4.0.6)
      railties (>= 5.1)
    i18n (1.14.6)
      concurrent-ruby (~> 1.0)
    importmap-rails (2.0.3)
      actionpack (>= 6.0.0)
      activesupport (>= 6.0.0)
      railties (>= 6.0.0)
    io-console (0.7.2)
    irb (1.14.1)
      rdoc (>= 4.0.0)
      reline (>= 0.4.2)
    logger (1.6.2)
    loofah (2.23.1)
      crass (~> 1.0.2)
      nokogiri (>= 1.12.0)
    lru_redux (1.1.0)
    lucide-rails (0.5.1)
      railties (>= 4.1.0)
    mail (2.8.1)
      mini_mime (>= 0.1.1)
      net-imap
      net-pop
      net-smtp
    marcel (1.0.4)
    markdown-rails (1.0.0)
      rails
      rdiscount (>= 1.6.8)
    mime-types (3.6.0)
      logger
      mime-types-data (~> 3.2015)
    mime-types-data (3.2024.1105)
    mini_mime (1.1.5)
    minitest (5.25.2)
    net-imap (0.5.1)
      date
      net-protocol
    net-pop (0.1.2)
      net-protocol
    net-protocol (0.2.2)
      timeout
    net-smtp (0.5.0)
      net-protocol
    nio4r (2.7.4)
    nokogiri (1.16.8-aarch64-linux)
      racc (~> 1.4)
    nokogiri (1.16.8-arm-linux)
      racc (~> 1.4)
    nokogiri (1.16.8-arm64-darwin)
      racc (~> 1.4)
    nokogiri (1.16.8-x86-linux)
      racc (~> 1.4)
    nokogiri (1.16.8-x86_64-darwin)
      racc (~> 1.4)
    nokogiri (1.16.8-x86_64-linux)
      racc (~> 1.4)
    psych (5.2.1)
      date
      stringio
    racc (1.8.1)
    rack (2.2.10)
    rack-session (1.0.2)
      rack (< 3)
    rack-test (2.1.0)
      rack (>= 1.3)
    rackup (1.0.1)
      rack (< 3)
      webrick
    rails (8.0.0)
      actioncable (= 8.0.0)
      actionmailbox (= 8.0.0)
      actionmailer (= 8.0.0)
      actionpack (= 8.0.0)
      actiontext (= 8.0.0)
      actionview (= 8.0.0)
      activejob (= 8.0.0)
      activemodel (= 8.0.0)
      activerecord (= 8.0.0)
      activestorage (= 8.0.0)
      activesupport (= 8.0.0)
      bundler (>= 1.15.0)
      railties (= 8.0.0)
    rails-dom-testing (2.2.0)
      activesupport (>= 5.0.0)
      minitest
      nokogiri (>= 1.6)
    rails-html-sanitizer (1.6.1)
      loofah (~> 2.21)
      nokogiri (>= 1.15.7, != 1.16.7, != 1.16.6, != 1.16.5, != 1.16.4, != 1.16.3, != 1.16.2, != 1.16.1, != 1.16.0.rc1, != 1.16.0)
    railties (8.0.0)
      actionpack (= 8.0.0)
      activesupport (= 8.0.0)
      irb (~> 1.13)
      rackup (>= 1.0.0)
      rake (>= 12.2)
      thor (~> 1.0, >= 1.2.2)
      zeitwerk (~> 2.6)
    rake (13.2.1)
    rdiscount (2.2.7.3)
    rdoc (6.8.1)
      psych (>= 4.0.0)
    reline (0.5.12)
      io-console (~> 0.5)
    rouge (4.5.1)
    securerandom (0.4.0)
    sitepress (4.0.5)
      sitepress-cli (= 4.0.5)
    sitepress-cli (4.0.5)
      rack (>= 1.0.0, < 3.0.0)
      sitepress-server (= 4.0.5)
      thor (>= 1.0.0)
    sitepress-core (4.0.5)
      mime-types (>= 2.99)
    sitepress-rails (4.0.5)
      actionpack (>= 6.0)
      railties (>= 6.0)
      sitepress-core (= 4.0.5)
      sprockets-rails (>= 2.0.0)
    sitepress-server (4.0.5)
      sitepress-rails (= 4.0.5)
    slim (5.2.1)
      temple (~> 0.10.0)
      tilt (>= 2.1.0)
    slim-rails (3.6.3)
      actionpack (>= 3.1)
      railties (>= 3.1)
      slim (>= 3.0, < 6.0, != 5.0.0)
    sprockets (4.2.1)
      concurrent-ruby (~> 1.0)
      rack (>= 2.2.4, < 4)
    sprockets-rails (3.5.2)
      actionpack (>= 6.1)
      activesupport (>= 6.1)
      sprockets (>= 3.0.0)
    stimulus-rails (1.3.4)
      railties (>= 6.0.0)
    stringio (3.1.2)
    tailwind_merge (0.13.3)
      lru_redux (~> 1.1)
    tailwindcss-rails (3.0.0)
      railties (>= 7.0.0)
      tailwindcss-ruby
    tailwindcss-ruby (3.4.15)
    tailwindcss-ruby (3.4.15-aarch64-linux)
    tailwindcss-ruby (3.4.15-arm-linux)
    tailwindcss-ruby (3.4.15-arm64-darwin)
    tailwindcss-ruby (3.4.15-x86_64-darwin)
    tailwindcss-ruby (3.4.15-x86_64-linux)
    temple (0.10.3)
    thor (1.3.2)
    tilt (2.4.0)
    timeout (0.4.2)
    turbo-rails (2.0.11)
      actionpack (>= 6.0.0)
      railties (>= 6.0.0)
    tzinfo (2.0.6)
      concurrent-ruby (~> 1.0)
    uri (1.0.2)
    useragent (0.16.10)
    webrick (1.9.1)
    websocket-driver (0.7.6)
      websocket-extensions (>= 0.1.0)
    websocket-extensions (0.1.5)
    zeitwerk (2.7.1)

PLATFORMS
  aarch64-linux
  aarch64-linux-gnu
  aarch64-linux-musl
  arm-linux
  arm-linux-gnu
  arm-linux-musl
  arm64-darwin
  x86-linux
  x86-linux-gnu
  x86-linux-musl
  x86_64-darwin
  x86_64-linux-gnu
  x86_64-linux-musl

DEPENDENCIES
  haml-rails
  importmap-rails
  lucide-rails
  markdown-rails
  rouge
  sitepress (~> 4.0)
  slim-rails
  stimulus-rails
  tailwind_merge
  tailwindcss-rails
  turbo-rails
  webrick

BUNDLED WITH
   2.5.23
